GEM
  remote: https://rubygems.org/
  specs:
    nokogiri (1.13.10-x64-mingw-ucrt)
      racc (~> 1.4)
    racc (1.6.2)

PLATFORMS
  x64-mingw-ucrt

DEPENDENCIES
  nokogiri

BUNDLED WITH
   2.3.26
